GEM
  remote: https://rubygems.org/
  specs:
    activesupport (4.2.9)
      i18n (~> 0.7)
      minitest (~> 5.1)
      thread_safe (~> 0.3, >= 0.3.4)
      tzinfo (~> 1.1)
    addressable (2.5.2)
      public_suffix (>= 2.0.2, < 4.0)
    amp-jekyll (1.0.2)
      fastimage (>= 1.8.0)
      jekyll (~> 3.0)
      nokogiri (>= 1.6.0)
    colorator (1.1.0)
    fastimage (2.1.1)
    ffi (1.9.18)
    font-awesome-sass (4.7.0)
      sass (>= 3.2)
    forwardable-extended (2.6.0)
    gemoji (3.0.0)
    html-pipeline (2.7.1)
      activesupport (>= 2)
      nokogiri (>= 1.4)
    i18n (0.8.6)
    jekyll (3.6.0)
      addressable (~> 2.4)
      colorator (~> 1.0)
      jekyll-sass-converter (~> 1.0)
      jekyll-watch (~> 1.1)
      kramdown (~> 1.14)
      liquid (~> 4.0)
      mercenary (~> 0.3.3)
      pathutil (~> 0.9)
      rouge (>= 1.7, < 3)
      safe_yaml (~> 1.0)
    jekyll-compose (0.5.0)
      jekyll (>= 3.0.0)
    jekyll-paginate (1.1.0)
    jekyll-redirect-from (0.12.1)
      jekyll (~> 3.3)
    jekyll-sass-converter (1.5.0)
      sass (~> 3.4)
    jekyll-sitemap (1.1.1)
      jekyll (~> 3.3)
    jekyll-watch (1.5.0)
      listen (~> 3.0, < 3.1)
    jemoji (0.8.1)
      activesupport (~> 4.0, >= 4.2.9)
      gemoji (~> 3.0)
      html-pipeline (~> 2.2)
      jekyll (>= 3.0)
    kramdown (1.15.0)
    liquid (4.0.0)
    listen (3.0.8)
      rb-fsevent (~> 0.9, >= 0.9.4)
      rb-inotify (~> 0.9, >= 0.9.7)
    mercenary (0.3.6)
    mini_portile2 (2.3.0)
    minitest (5.10.3)
    nokogiri (1.8.1)
      mini_portile2 (~> 2.3.0)
    pathutil (0.14.0)
      forwardable-extended (~> 2.6)
    public_suffix (3.0.0)
    rb-fsevent (0.10.2)
    rb-inotify (0.9.10)
      ffi (>= 0.5.0, < 2)
    rouge (2.2.1)
    safe_yaml (1.0.4)
    sass (3.5.1)
      sass-listen (~> 4.0.0)
    sass-listen (4.0.0)
      rb-fsevent (~> 0.9, >= 0.9.4)
      rb-inotify (~> 0.9, >= 0.9.7)
    thread_safe (0.3.6)
    tzinfo (1.2.3)
      thread_safe (~> 0.1)

PLATFORMS
  ruby

DEPENDENCIES
  amp-jekyll
  fastimage
  font-awesome-sass
  jekyll
  jekyll-compose
  jekyll-paginate
  jekyll-redirect-from
  jekyll-sitemap
  jemoji
  kramdown
  rouge

BUNDLED WITH
   1.16.1
